GEM
  remote: http://rubygems.org/
  specs:
    akami (1.0.0)
      gyoku (>= 0.4.0)
    builder (3.0.0)
    gyoku (0.4.4)
      builder (>= 2.1.2)
    httpclient (2.2.4)
    httpi (0.9.5)
      rack
    nokogiri (1.5.0)
    nokogiri (1.5.0-java)
    nori (1.0.2)
    rack (1.4.0)
    savon (0.9.7)
      akami (~> 1.0)
      builder (>= 2.1.2)
      gyoku (>= 0.4.0)
      httpi (~> 0.9)
      nokogiri (>= 1.4.0)
      nori (~> 1.0)
      wasabi (~> 2.0)
    soap4r (1.5.8)
      httpclient (>= 2.1.1)
    wasabi (2.0.0)
      nokogiri (>= 1.4.0)

PLATFORMS
  java
  ruby

DEPENDENCIES
  rack
  savon
  soap4r
